GEM
  remote: https://rubygems.org/
  specs:
    puma (3.7.1)
    rack (2.0.1)

PLATFORMS
  ruby

DEPENDENCIES
  puma
  rack

RUBY VERSION
   ruby 2.4.0p0

BUNDLED WITH
   1.14.6
