GEM
  remote: https://rubygems.org/
  specs:
    pg (0.19.0)
    puma (3.7.1)
    rack (2.0.1)
    rails_12factor (0.0.3)
      rails_serve_static_assets
      rails_stdout_logging
    rails_serve_static_assets (0.0.5)
    rails_stdout_logging (0.0.5)
    sequel (4.44.0)
    slim (3.0.7)
      temple (~> 0.7.6)
      tilt (>= 1.3.3, < 2.1)
    sqlite3 (1.3.13)
    temple (0.7.7)
    tilt (2.0.6)

PLATFORMS
  ruby

DEPENDENCIES
  pg
  puma
  rack
  rails_12factor
  sequel
  slim
  sqlite3

RUBY VERSION
   ruby 2.4.0p0

BUNDLED WITH
   1.14.6
