GEM
  remote: https://rubygems.org/
  specs:
    nio4r (2.4.0)
    pg (0.19.0)
    puma (4.1.0)
      nio4r (~> 2.0)
    rack (2.0.7)
    sequel (5.23.0)
    slim (4.0.1)
      temple (>= 0.7.6, < 0.9)
      tilt (>= 2.0.6, < 2.1)
    sqlite3 (1.4.1)
    temple (0.8.1)
    tilt (2.0.9)

PLATFORMS
  ruby

DEPENDENCIES
  pg (>= 0.18)
  puma (~> 4.1)
  rack (>= 2.0.6)
  sequel (~> 5.23)
  slim (~> 4.0, >= 4.0.1)
  sqlite3 (~> 1.4, >= 1.4.1)
  tilt (~> 2.0, >= 2.0.9)

RUBY VERSION
   ruby 2.4.0p0

BUNDLED WITH
   1.16.6
