GEM
  remote: https://rubygems.org/
  specs:
    coderay (1.1.2)
    ffi (1.11.1)
    formatador (0.2.5)
    guard (2.15.0)
      formatador (>= 0.2.4)
      listen (>= 2.7, < 4.0)
      lumberjack (>= 1.0.12, < 2.0)
      nenv (~> 0.1)
      notiffany (~> 0.0)
      pry (>= 0.9.12)
      shellany (~> 0.0)
      thor (>= 0.18.1)
    guard-bundler (2.2.1)
      bundler (>= 1.3.0, < 3)
      guard (~> 2.2)
      guard-compat (~> 1.1)
    guard-compat (1.2.1)
    guard-rack (2.2.1)
      ffi
      guard (~> 2.3)
      spoon
    haml (5.1.2)
      temple (>= 0.8.0)
      tilt
    listen (3.1.5)
      rb-fsevent (~> 0.9, >= 0.9.4)
      rb-inotify (~> 0.9, >= 0.9.7)
      ruby_dep (~> 1.2)
    lumberjack (1.0.13)
    method_source (0.9.2)
    nenv (0.3.0)
    nio4r (2.4.0)
    notiffany (0.1.3)
      nenv (~> 0.1)
      shellany (~> 0.0)
    pg (0.19.0)
    pry (0.12.2)
      coderay (~> 1.1.0)
      method_source (~> 0.9.0)
    puma (4.1.0)
      nio4r (~> 2.0)
    rack (2.1.4)
    rb-fsevent (0.10.3)
    rb-inotify (0.10.0)
      ffi (~> 1.0)
    ruby_dep (1.5.0)
    sequel (5.23.0)
    shellany (0.0.1)
    spoon (0.0.6)
      ffi
    sqlite3 (1.4.1)
    temple (0.8.1)
    thor (0.20.3)
    tilt (2.0.9)

PLATFORMS
  ruby

DEPENDENCIES
  guard (~> 2.15)
  guard-bundler (~> 2.2, >= 2.2.1)
  guard-rack (~> 2.2, >= 2.2.1)
  haml (~> 5.1, >= 5.1.2)
  pg (>= 0.18)
  pry (~> 0.12.2)
  puma (~> 4.1)
  rack (>= 2.0.6)
  sequel (~> 5.23)
  sqlite3 (~> 1.4, >= 1.4.1)
  tilt (~> 2.0, >= 2.0.9)

RUBY VERSION
   ruby 2.4.0p0

BUNDLED WITH
   1.16.6
