GEM
  remote: https://rubygems.org/
  specs:
    puma (3.7.1)
    rack (2.0.1)
    slim (3.0.7)
      temple (~> 0.7.6)
      tilt (>= 1.3.3, < 2.1)
    temple (0.7.7)
    tilt (2.0.6)

PLATFORMS
  ruby

DEPENDENCIES
  puma
  rack
  slim

RUBY VERSION
   ruby 2.4.0p0

BUNDLED WITH
   1.14.6
